GEM
  remote: https://rubygems.org/
  specs:
    mini_portile2 (2.8.1)
    nokogiri (1.14.3)
      mini_portile2 (~> 2.8.0)
      racc (~> 1.4)
    racc (1.6.2)

PLATFORMS
  x64-mingw32
  x86_64-linux

DEPENDENCIES
  nokogiri

BUNDLED WITH
   2.1.4
