GEM
  remote: https://rubygems.org/
  specs:
    nokogiri (1.12.5-x64-mingw32)
      racc (~> 1.4)
    nokogiri (1.12.5-x86_64-linux)
      racc (~> 1.4)
    racc (1.5.2)

PLATFORMS
  x64-mingw32
  x86_64-linux

DEPENDENCIES
  nokogiri

BUNDLED WITH
   2.1.4
