GEM
  remote: https://rubygems.org/
  specs:
    nokogiri (1.13.2-x64-mingw32)
      racc (~> 1.4)
    nokogiri (1.13.2-x86_64-linux)
      racc (~> 1.4)
    racc (1.6.0)

PLATFORMS
  x64-mingw32
  x86_64-linux

DEPENDENCIES
  nokogiri

BUNDLED WITH
   2.1.4
