GEM
  remote: https://rubygems.org/
  specs:
    mini_portile2 (2.8.5)
    nokogiri (1.16.2)
      mini_portile2 (~> 2.8.2)
      racc (~> 1.4)
    racc (1.7.3)

PLATFORMS
  x64-mingw32
  x86_64-linux

DEPENDENCIES
  nokogiri

BUNDLED WITH
   2.1.4
